PATH
  remote: .
  specs:
    google_url_shortener (0.0.1)

GEM
  remote: http://rubygems.org/
  specs:

PLATFORMS
  ruby

DEPENDENCIES
  bundler (>= 1.0.0)
  google_url_shortener!
